PATH
  remote: .
  specs:
    gamefic-ideas (0.1.0)
      gamefic (~> 3.0)

GEM
  remote: https://rubygems.org/
  specs:
    ast (2.4.2)
    concurrent-ruby (1.3.4)
    diff-lcs (1.5.1)
    docile (1.4.1)
    gamefic (3.4.0)
    opal (1.8.2)
      ast (>= 2.3.0)
      parser (~> 3.0, >= 3.0.3.2)
    opal-rspec (1.0.0)
      opal (>= 1.6.0a, < 2.0)
      rake (>= 12.0)
    opal-sprockets (1.0.4)
      opal (>= 1.0, < 2.0)
      sprockets (~> 4.0)
      tilt (>= 1.4)
    parser (3.3.5.0)
      ast (~> 2.4.1)
      racc
    racc (1.8.1)
    rack (3.1.7)
    rake (13.2.1)
    rspec (3.13.0)
      rspec-core (~> 3.13.0)
      rspec-expectations (~> 3.13.0)
      rspec-mocks (~> 3.13.0)
    rspec-core (3.13.1)
      rspec-support (~> 3.13.0)
    rspec-expectations (3.13.3)
      diff-lcs (>= 1.2.0, < 2.0)
      rspec-support (~> 3.13.0)
    rspec-mocks (3.13.2)
      diff-lcs (>= 1.2.0, < 2.0)
      rspec-support (~> 3.13.0)
    rspec-support (3.13.1)
    simplecov (0.22.0)
      docile (~> 1.1)
      simplecov-html (~> 0.11)
      simplecov_json_formatter (~> 0.1)
    simplecov-html (0.13.1)
    simplecov_json_formatter (0.1.4)
    sprockets (4.2.1)
      concurrent-ruby (~> 1.0)
      rack (>= 2.2.4, < 4)
    tilt (2.4.0)

PLATFORMS
  x64-mingw-ucrt

DEPENDENCIES
  gamefic-ideas!
  opal-rspec (~> 1.0)
  opal-sprockets (~> 1.0)
  rake (~> 13.0)
  rspec (~> 3.0)
  simplecov (~> 0.22)

BUNDLED WITH
   2.4.17
